PATH
  remote: .
  specs:
    danno_ball_clock (0.0.3)

GEM
  remote: https://rubygems.org/
  specs:
    minitest (5.9.0)

PLATFORMS
  ruby

DEPENDENCIES
  danno_ball_clock!
  minitest

BUNDLED WITH
   1.10.6
