GEM
  remote: https://rubygems.org/
  specs:
    activesupport (4.2.4)
      i18n (~> 0.7)
      json (~> 1.7, >= 1.7.7)
      minitest (~> 5.1)
      thread_safe (~> 0.3, >= 0.3.4)
      tzinfo (~> 1.1)
    ast (2.1.0)
    astrolabe (1.3.1)
      parser (~> 2.2)
    codeclimate (0.11.0)
      activesupport (~> 4.2, >= 4.2.1)
      codeclimate-yaml (~> 0.3.0)
      faraday (~> 0.9.1)
      faraday_middleware (~> 0.9.1)
      highline (~> 1.7, >= 1.7.2)
      posix-spawn (~> 0.3, >= 0.3.11)
      pry (~> 0.10.1)
      rainbow (~> 2.0, >= 2.0.0)
      safe_yaml (~> 1.0, >= 1.0.4)
      tty-spinner (~> 0.1.0)
    codeclimate-test-reporter (0.4.8)
      simplecov (>= 0.7.1, < 1.0.0)
    codeclimate-yaml (0.3.0)
      activesupport
      secure_string
    coderay (1.1.0)
    colorize (0.7.7)
    diff-lcs (1.2.5)
    docile (1.1.5)
    faraday (0.9.2)
      multipart-post (>= 1.2, < 3)
    faraday_middleware (0.9.2)
      faraday (>= 0.7.4, < 0.10)
    fasterer (0.1.11)
      colorize (~> 0.7)
      ruby_parser (~> 3.6)
    gosu (0.10.4)
    highline (1.7.8)
    i18n (0.7.0)
    json (1.8.1)
    method_source (0.8.2)
    minitest (5.8.2)
    multipart-post (2.0.0)
    parser (2.2.3.0)
      ast (>= 1.1, < 3.0)
    posix-spawn (0.3.11)
    powerpack (0.1.1)
    pry (0.10.3)
      coderay (~> 1.1.0)
      method_source (~> 0.8.1)
      slop (~> 3.4)
    rainbow (2.0.0)
    rake (10.4.2)
    rspec (3.3.0)
      rspec-core (~> 3.3.0)
      rspec-expectations (~> 3.3.0)
      rspec-mocks (~> 3.3.0)
    rspec-core (3.3.2)
      rspec-support (~> 3.3.0)
    rspec-expectations (3.3.1)
      diff-lcs (>= 1.2.0, < 2.0)
      rspec-support (~> 3.3.0)
    rspec-mocks (3.3.2)
      diff-lcs (>= 1.2.0, < 2.0)
      rspec-support (~> 3.3.0)
    rspec-support (3.3.0)
    rubocop (0.34.2)
      astrolabe (~> 1.3)
      parser (>= 2.2.2.5, < 3.0)
      powerpack (~> 0.1)
      rainbow (>= 1.99.1, < 3.0)
      ruby-progressbar (~> 1.4)
    rubocop-rspec (1.3.1)
    ruby-progressbar (1.7.5)
    ruby_parser (3.7.2)
      sexp_processor (~> 4.1)
    safe_yaml (1.0.4)
    secure_string (1.3.3)
    sexp_processor (4.6.0)
    simplecov (0.10.0)
      docile (~> 1.1.0)
      json (~> 1.8)
      simplecov-html (~> 0.10.0)
    simplecov-html (0.10.0)
    slop (3.6.0)
    thread_safe (0.3.5)
    tty-spinner (0.1.0)
    tzinfo (1.2.2)
      thread_safe (~> 0.1)
    yard (0.8.7.6)

PLATFORMS
  ruby

DEPENDENCIES
  codeclimate
  codeclimate-test-reporter
  fasterer
  gosu
  rake
  rspec
  rubocop
  rubocop-rspec
  yard

BUNDLED WITH
   1.10.6
